GEM
  remote: https://rubygems.org/
  specs:
    commonjs (0.2.7)
    directory_watcher (1.4.1)
    less (2.6.0)
      commonjs (~> 0.2.7)
    libv8 (3.16.14.3)
    mini_portile (0.6.1)
    mustache (0.99.7)
    nokogiri (1.6.4.1)
      mini_portile (~> 0.6.0)
    rack (1.5.2)
    redcarpet (2.3.0)
    ref (1.0.5)
    ruhoh (2.6)
      directory_watcher (~> 1.4.0)
      mustache (~> 0.99)
      nokogiri (~> 1.5)
      rack (~> 1.4)
      redcarpet (~> 2.1)
    therubyracer (0.12.0)
      libv8 (~> 3.16.14.0)
      ref

PLATFORMS
  ruby

DEPENDENCIES
  less (~> 2.6.0)
  ruhoh (~> 2)
  therubyracer
